GEM
  remote: https://rubygems.org/
  specs:
    actioncable (5.2.7)
      actionpack (= 5.2.7)
      nio4r (~> 2.0)
      websocket-driver (>= 0.6.1)
    actionmailer (5.2.7)
      actionpack (= 5.2.7)
      actionview (= 5.2.7)
      activejob (= 5.2.7)
      mail (~> 2.5, >= 2.5.4)
      rails-dom-testing (~> 2.0)
    actionpack (5.2.7)
      actionview (= 5.2.7)
      activesupport (= 5.2.7)
      rack (~> 2.0, >= 2.0.8)
      rack-test (>= 0.6.3)
      rails-dom-testing (~> 2.0)
      rails-html-sanitizer (~> 1.0, >= 1.0.2)
    actionview (5.2.7)
      activesupport (= 5.2.7)
      builder (~> 3.1)
      erubi (~> 1.4)
      rails-dom-testing (~> 2.0)
      rails-html-sanitizer (~> 1.0, >= 1.0.3)
    active_record_union (1.3.0)
      activerecord (>= 4.0)
    activejob (5.2.7)
      activesupport (= 5.2.7)
      globalid (>= 0.3.6)
    activemodel (5.2.7)
      activesupport (= 5.2.7)
    activemodel-serializers-xml (1.0.2)
      activemodel (> 5.x)
      activesupport (> 5.x)
      builder (~> 3.1)
    activerecord (5.2.7)
      activemodel (= 5.2.7)
      activesupport (= 5.2.7)
      arel (>= 9.0)
    activeresource (5.1.1)
      activemodel (>= 5.0, < 7)
      activemodel-serializers-xml (~> 1.0)
      activesupport (>= 5.0, < 7)
    activestorage (5.2.7)
      actionpack (= 5.2.7)
      activerecord (= 5.2.7)
      marcel (~> 1.0.0)
    activesupport (5.2.7)
      concurrent-ruby (~> 1.0, >= 1.0.2)
      i18n (>= 0.7, < 2)
      minitest (~> 5.1)
      tzinfo (~> 1.1)
    acts-as-taggable-on (8.1.0)
      activerecord (>= 5.0, < 6.2)
    acts_as_list (1.0.4)
      activerecord (>= 4.2)
    addressable (2.7.0)
      public_suffix (>= 2.0.2, < 5.0)
    arel (9.0.0)
    autoprefixer-rails (10.4.2.0)
      execjs (~> 2)
    babel-source (5.8.35)
    babel-transpiler (0.7.0)
      babel-source (>= 4.0, < 6)
      execjs (~> 2.0)
    bcrypt (3.1.17)
    better_errors (2.9.1)
      coderay (>= 1.0.0)
      erubi (>= 1.0.0)
      rack (>= 0.9.0)
    bindex (0.8.1)
    bootstrap (4.3.1)
      autoprefixer-rails (>= 9.1.0)
      popper_js (>= 1.14.3, < 2)
      sassc-rails (>= 2.0.0)
    brakeman (5.2.2)
    builder (3.2.4)
    byebug (11.1.3)
    capybara (3.36.0)
      addressable
      matrix
      mini_mime (>= 0.1.3)
      nokogiri (~> 1.8)
      rack (>= 1.6.0)
      rack-test (>= 0.6.3)
      regexp_parser (>= 1.5, < 3.0)
      xpath (~> 3.2)
    challonge-api (0.2.0)
      activeresource
    childprocess (4.1.0)
    coderay (1.1.3)
    coffee-rails (4.2.2)
      coffee-script (>= 2.2.0)
      railties (>= 4.0.0)
    coffee-script (2.4.1)
      coffee-script-source
      execjs
    coffee-script-source (1.12.2)
    concurrent-ruby (1.1.10)
    cookies_eu (1.7.8)
      js_cookie_rails (~> 2.2.0)
    crass (1.0.6)
    db_text_search (0.3.2)
      activerecord (>= 4.1.15, < 7.0)
    devise (4.8.1)
      bcrypt (~> 3.0)
      orm_adapter (~> 0.1)
      railties (>= 4.1.0)
      responders
      warden (~> 1.2.3)
    devise-i18n (1.10.2)
      devise (>= 4.8.0)
    erubi (1.10.0)
    erubis (2.7.0)
    exception_notification (4.5.0)
      actionmailer (>= 5.2, < 8)
      activesupport (>= 5.2, < 8)
    execjs (2.8.1)
    ffi (1.15.5)
    figaro (1.2.0)
      thor (>= 0.14.0, < 2)
    friendly_id (5.4.2)
      activerecord (>= 4.0.0)
    fullcalendar-rails (3.9.0.0)
      jquery-rails (>= 4.0.5, < 5.0.0)
      jquery-ui-rails (>= 5.0.2)
      momentjs-rails (>= 2.9.0)
    globalid (1.0.0)
      activesupport (>= 5.0)
    haml (5.2.2)
      temple (>= 0.8.0)
      tilt
    haml-rails (2.0.1)
      actionpack (>= 5.1)
      activesupport (>= 5.1)
      haml (>= 4.0.6, < 6.0)
      html2haml (>= 1.0.1)
      railties (>= 5.1)
    html-pipeline (2.14.0)
      activesupport (>= 2)
      nokogiri (>= 1.4)
    html2haml (2.2.0)
      erubis (~> 2.7.0)
      haml (>= 4.0, < 6)
      nokogiri (>= 1.6.0)
      ruby_parser (~> 3.5)
    htmlentities (4.3.4)
    http_accept_language (2.1.1)
    i18n (1.10.0)
      concurrent-ruby (~> 1.0)
    i18n-js (3.9.2)
      i18n (>= 0.6.6)
    icalendar (2.7.1)
      ice_cube (~> 0.16)
    ice_cube (0.16.4)
    inline_svg (1.8.0)
      activesupport (>= 3.0)
      nokogiri (>= 1.6)
    jbuilder (2.11.5)
      actionview (>= 5.0.0)
      activesupport (>= 5.0.0)
    jquery-rails (4.4.0)
      rails-dom-testing (>= 1, < 3)
      railties (>= 4.2.0)
      thor (>= 0.14, < 2.0)
    jquery-turbolinks (2.1.0)
      railties (>= 3.1.0)
      turbolinks
    jquery-ui-rails (6.0.1)
      railties (>= 3.2.16)
    js_cookie_rails (2.2.0)
      railties (>= 3.1)
    json (2.6.1)
    kaminari (1.2.2)
      activesupport (>= 4.1.0)
      kaminari-actionview (= 1.2.2)
      kaminari-activerecord (= 1.2.2)
      kaminari-core (= 1.2.2)
    kaminari-actionview (1.2.2)
      actionview
      kaminari-core (= 1.2.2)
    kaminari-activerecord (1.2.2)
      activerecord
      kaminari-core (= 1.2.2)
    kaminari-core (1.2.2)
    kramdown (2.3.2)
      rexml
    kramdown-parser-gfm (1.1.0)
      kramdown (~> 2.0)
    listen (3.1.5)
      rb-fsevent (~> 0.9, >= 0.9.4)
      rb-inotify (~> 0.9, >= 0.9.7)
      ruby_dep (~> 1.2)
    loofah (2.16.0)
      crass (~> 1.0.2)
      nokogiri (>= 1.5.9)
    mail (2.7.1)
      mini_mime (>= 0.1.1)
    marcel (1.0.2)
    material_icons (2.2.1)
      railties (>= 3.2)
    matrix (0.4.2)
    meta-tags (2.16.0)
      actionpack (>= 3.2.0, < 7.1)
    method_source (1.0.0)
    mini_mime (1.1.2)
    mini_portile2 (2.8.0)
    minitest (5.15.0)
    momentjs-rails (2.29.1.1)
      railties (>= 3.1)
    multi_json (1.15.0)
    mustache (1.1.1)
    nio4r (2.5.8)
    nokogiri (1.13.4)
      mini_portile2 (~> 2.8.0)
      racc (~> 1.4)
    onebox (1.9.30)
      addressable (~> 2.7.0)
      htmlentities (~> 4.3)
      multi_json (~> 1.11)
      mustache
      nokogiri (~> 1.7)
      sanitize
    orm_adapter (0.5.0)
    paper_trail (12.3.0)
      activerecord (>= 5.2)
      request_store (~> 1.1)
    pg (1.1.4)
    popper_js (1.14.7)
    pry (0.14.1)
      coderay (~> 1.1)
      method_source (~> 1.0)
    public_suffix (4.0.7)
    puma (5.6.4)
      nio4r (~> 2.0)
    pundit (2.2.0)
      activesupport (>= 3.0.0)
    racc (1.6.0)
    rack (2.2.3)
    rack-test (1.1.0)
      rack (>= 1.0, < 3)
    rails (5.2.7)
      actioncable (= 5.2.7)
      actionmailer (= 5.2.7)
      actionpack (= 5.2.7)
      actionview (= 5.2.7)
      activejob (= 5.2.7)
      activemodel (= 5.2.7)
      activerecord (= 5.2.7)
      activestorage (= 5.2.7)
      activesupport (= 5.2.7)
      bundler (>= 1.3.0)
      railties (= 5.2.7)
      sprockets-rails (>= 2.0.0)
    rails-dom-testing (2.0.3)
      activesupport (>= 4.2.0)
      nokogiri (>= 1.6)
    rails-html-sanitizer (1.4.2)
      loofah (~> 2.3)
    rails-i18n (5.1.3)
      i18n (>= 0.7, < 2)
      railties (>= 5.0, < 6)
    rails_12factor (0.0.3)
      rails_serve_static_assets
      rails_stdout_logging
    rails_serve_static_assets (0.0.5)
    rails_stdout_logging (0.0.5)
    railties (5.2.7)
      actionpack (= 5.2.7)
      activesupport (= 5.2.7)
      method_source
      rake (>= 0.8.7)
      thor (>= 0.19.0, < 2.0)
    rake (13.0.6)
    rb-fsevent (0.11.1)
    rb-gravatar (1.0.6)
    rb-inotify (0.10.1)
      ffi (~> 1.0)
    recaptcha (5.9.0)
      json
    regexp_parser (2.3.0)
    request_store (1.5.1)
      rack (>= 1.4)
    responders (3.0.1)
      actionpack (>= 5.0)
      railties (>= 5.0)
    rexml (3.2.5)
    rinku (2.0.6)
    ruby_dep (1.5.0)
    ruby_parser (3.19.1)
      sexp_processor (~> 4.16)
    rubyzip (2.3.2)
    sanitize (6.0.0)
      crass (~> 1.0.2)
      nokogiri (>= 1.12.0)
    sassc (2.4.0)
      ffi (~> 1.9)
    sassc-rails (2.1.2)
      railties (>= 4.0.0)
      sassc (>= 2.0)
      sprockets (> 3.0)
      sprockets-rails
      tilt
    select2-rails (4.0.13)
    selenium-webdriver (4.1.0)
      childprocess (>= 0.5, < 5.0)
      rexml (~> 3.2, >= 3.2.5)
      rubyzip (>= 1.2.2)
    sexp_processor (4.16.1)
    spring (2.1.1)
    spring-watcher-listen (2.0.1)
      listen (>= 2.7, < 4.0)
      spring (>= 1.2, < 3.0)
    sprockets (4.0.3)
      concurrent-ruby (~> 1.0)
      rack (> 1, < 3)
    sprockets-es6 (0.9.2)
      babel-source (>= 5.8.11)
      babel-transpiler
      sprockets (>= 3.0.0)
    sprockets-rails (3.4.2)
      actionpack (>= 5.2)
      activesupport (>= 5.2)
      sprockets (>= 3.0.0)
    temple (0.8.2)
    thor (1.2.1)
    thread_safe (0.3.6)
    thredded (0.16.16)
      active_record_union (>= 1.3.0)
      autoprefixer-rails
      db_text_search (~> 0.3.0)
      friendly_id
      html-pipeline
      htmlentities
      inline_svg (>= 1.6.0)
      kaminari
      kramdown (>= 2.0.0)
      kramdown-parser-gfm
      nokogiri
      onebox (~> 1.8, >= 1.8.99)
      pundit (>= 1.1.0)
      rails (>= 4.2.10, != 6.0.0.rc2)
      rb-gravatar
      rinku
      sanitize
      sassc-rails (>= 2.0.0)
      sprockets-es6
      timeago_js (>= 3.0.2.2)
    tilt (2.0.10)
    timeago_js (3.0.2.2)
    turbolinks (5.2.1)
      turbolinks-source (~> 5.2)
    turbolinks-source (5.2.0)
    tzinfo (1.2.9)
      thread_safe (~> 0.1)
    uglifier (4.2.0)
      execjs (>= 0.3.0, < 3)
    warden (1.2.9)
      rack (>= 2.0.9)
    web-console (3.7.0)
      actionview (>= 5.0)
      activemodel (>= 5.0)
      bindex (>= 0.4.0)
      railties (>= 5.0)
    websocket-driver (0.7.5)
      websocket-extensions (>= 0.1.0)
    websocket-extensions (0.1.5)
    will_paginate (3.1.8)
    xpath (3.2.0)
      nokogiri (~> 1.8)

PLATFORMS
  ruby

DEPENDENCIES
  acts-as-taggable-on
  acts_as_list
  bcrypt
  better_errors
  bootstrap (~> 4.3.1)
  brakeman
  byebug
  capybara (~> 3.12)
  challonge-api
  coffee-rails (~> 4.2.2)
  cookies_eu
  devise
  devise-i18n
  exception_notification
  figaro
  fullcalendar-rails
  haml-rails
  html-pipeline (= 2.14.0)
  http_accept_language
  i18n-js
  icalendar
  jbuilder (~> 2.8)
  jquery-rails
  jquery-turbolinks
  jquery-ui-rails
  listen (>= 3.0.5, < 3.2)
  material_icons
  meta-tags
  momentjs-rails
  nokogiri (>= 1.11.0.rc4)
  paper_trail
  pg (~> 1.1.3)
  popper_js (~> 1.14.5)
  pry
  puma (>= 4.3.8)
  rails (~> 5.2.2)
  rails-i18n (~> 5.1)
  rails_12factor
  recaptcha
  sassc-rails
  select2-rails
  selenium-webdriver
  spring
  spring-watcher-listen (~> 2.0.0)
  thredded (~> 0.16.12)
  turbolinks (~> 5.2)
  tzinfo-data
  uglifier (>= 4.1.20)
  web-console (>= 3.3.0)
  will_paginate (~> 3.1.0)

RUBY VERSION
   ruby 2.7.2p137

BUNDLED WITH
   2.1.4
